GEM
  remote: http://rubygems.org/
  specs:
    Platform (0.4.0)
    actionmailer (3.1.10)
      actionpack (= 3.1.10)
      mail (~> 2.3.3)
    actionpack (3.1.10)
      activemodel (= 3.1.10)
      activesupport (= 3.1.10)
      builder (~> 3.0.0)
      erubis (~> 2.7.0)
      i18n (~> 0.6)
      rack (~> 1.3.6)
      rack-cache (~> 1.2)
      rack-mount (~> 0.8.2)
      rack-test (~> 0.6.1)
      sprockets (~> 2.0.4)
    activemodel (3.1.10)
      activesupport (= 3.1.10)
      builder (~> 3.0.0)
      i18n (~> 0.6)
    activerecord (3.1.10)
      activemodel (= 3.1.10)
      activesupport (= 3.1.10)
      arel (~> 2.2.3)
      tzinfo (~> 0.3.29)
    activeresource (3.1.10)
      activemodel (= 3.1.10)
      activesupport (= 3.1.10)
    activesupport (3.1.10)
      multi_json (>= 1.0, < 1.3)
    arel (2.2.3)
    builder (3.0.4)
    coffee-rails (3.1.1)
      coffee-script (>= 2.2.0)
      railties (~> 3.1.0)
    coffee-script (2.2.0)
      coffee-script-source
      execjs
    coffee-script-source (1.2.0)
    erubis (2.7.0)
    execjs (1.3.0)
      multi_json (~> 1.0)
    hike (1.2.1)
    i18n (0.6.1)
    json (1.7.6)
    kytoon (1.3.1)
      builder
      json
      openstack-compute
      rake
      thor
      uuidtools
    libv8 (3.3.10.4)
    mail (2.3.3)
      i18n (>= 0.4.0)
      mime-types (~> 1.16)
      treetop (~> 1.4.8)
    mime-types (1.19)
    multi_json (1.2.0)
    mysql (2.8.1)
    open4 (1.2.0)
    openstack-compute (1.1.10)
      json
    polyglot (0.3.3)
    popen4 (0.1.2)
      Platform (>= 0.4.0)
      open4 (>= 0.4.0)
    rack (1.3.8)
    rack-cache (1.2)
      rack (>= 0.4)
    rack-mount (0.8.3)
      rack (>= 1.0.0)
    rack-protection (1.1.4)
      rack
    rack-ssl (1.3.2)
      rack
    rack-test (0.6.2)
      rack (>= 1.0)
    rails (3.1.10)
      actionmailer (= 3.1.10)
      actionpack (= 3.1.10)
      activerecord (= 3.1.10)
      activeresource (= 3.1.10)
      activesupport (= 3.1.10)
      bundler (~> 1.0)
      railties (= 3.1.10)
    railties (3.1.10)
      actionpack (= 3.1.10)
      activesupport (= 3.1.10)
      rack-ssl (~> 1.3.2)
      rake (>= 0.8.7)
      rdoc (~> 3.4)
      thor (~> 0.14.6)
    rake (10.0.3)
    rdoc (3.12)
      json (~> 1.4)
    redis (2.2.2)
    redis-namespace (1.0.3)
      redis (< 3.0.0)
    resque (1.19.0)
      multi_json (~> 1.0)
      redis-namespace (~> 1.0.2)
      sinatra (>= 0.9.2)
      vegas (~> 0.1.2)
    sass (3.1.15)
    sass-rails (3.1.5)
      actionpack (~> 3.1.0)
      railties (~> 3.1.0)
      sass (~> 3.1.10)
      tilt (~> 1.3.2)
    sinatra (1.3.1)
      rack (~> 1.3, >= 1.3.4)
      rack-protection (~> 1.1, >= 1.1.2)
      tilt (~> 1.3, >= 1.3.3)
    sprockets (2.0.4)
      hike (~> 1.2)
      rack (~> 1.0)
      tilt (~> 1.1, != 1.3.0)
    therubyracer (0.9.10)
      libv8 (~> 3.3.10)
    thor (0.14.6)
    tilt (1.3.3)
    treetop (1.4.12)
      polyglot
      polyglot (>= 0.3.1)
    tzinfo (0.3.35)
    uglifier (1.2.3)
      execjs (>= 0.3.0)
      multi_json (>= 1.0.2)
    uuidtools (2.1.3)
    vegas (0.1.8)
      rack (>= 1.0.0)

PLATFORMS
  ruby

DEPENDENCIES
  coffee-rails (~> 3.1.1)
  kytoon (>= 1.3.1)
  mysql
  popen4
  rails (= 3.1.10)
  resque (= 1.19.0)
  sass-rails (~> 3.1.4)
  therubyracer
  uglifier (>= 1.0.3)
